GEM
  remote: http://rubygems.org/
  specs:
    activesupport (3.2.13)
      i18n (= 0.6.1)
      multi_json (~> 1.0)
    addressable (2.3.3)
    claide (0.2.0)
    cocoapods (0.17.2)
      activesupport (~> 3.2.13)
      claide (~> 0.2.0)
      cocoapods-core (= 0.17.2)
      cocoapods-downloader (~> 0.1.0)
      colored (~> 1.2)
      escape (~> 0.0.4)
      faraday (~> 0.8.1)
      json (~> 1.7.3)
      octokit (~> 1.7)
      open4 (~> 1.3.0)
      rake (~> 10.0.0)
      xcodeproj (~> 0.5.2)
    cocoapods-core (0.17.2)
      activesupport (~> 3.2.13)
      faraday (~> 0.8.1)
      octokit (~> 1.7)
      rake (~> 10.0.0)
    cocoapods-downloader (0.1.0)
    colored (1.2)
    escape (0.0.4)
    faraday (0.8.7)
      multipart-post (~> 1.1)
    faraday_middleware (0.9.0)
      faraday (>= 0.7.4, < 0.9)
    hashie (2.0.3)
    i18n (0.6.1)
    json (1.7.7)
    multi_json (1.7.2)
    multipart-post (1.2.0)
    netrc (0.7.7)
    octokit (1.24.0)
      addressable (~> 2.2)
      faraday (~> 0.8)
      faraday_middleware (~> 0.9)
      hashie (~> 2.0)
      multi_json (~> 1.3)
      netrc (~> 0.7.7)
    open4 (1.3.0)
    rake (10.0.4)
    xcodeproj (0.5.4)
      activesupport (~> 3.2.13)
      colored (~> 1.2)

PLATFORMS
  ruby

DEPENDENCIES
  cocoapods (~> 0.17.0)
